GIT
  remote: https://github.com/TimLang/zipruby-compatibility-with-rubyzip-fork
  revision: f0e0668599cd95adb5d5024773a7b9eb16869a79
  tag: v0.3.7
  specs:
    zipruby-compat (0.3.7)

PATH
  remote: .
  specs:
    paper_docx_templater (0.2.4)
      nokogiri

GEM
  remote: http://rubygems.org/
  specs:
    builder (3.2.2)
    columnize (0.3.6)
    debugger (1.1.3)
      columnize (>= 0.3.1)
      debugger-linecache (~> 1.1.1)
      debugger-ruby_core_source (~> 1.1.2)
    debugger-linecache (1.1.2)
      debugger-ruby_core_source (>= 1.1.1)
    debugger-ruby_core_source (1.1.9)
    diff-lcs (1.1.3)
    mini_magick (1.3.2)
      subexec (~> 0.0.4)
    nokogiri (1.5.10)
    rake (0.9.2.2)
    rspec (2.7.0)
      rspec-core (~> 2.7.0)
      rspec-expectations (~> 2.7.0)
      rspec-mocks (~> 2.7.0)
    rspec-core (2.7.1)
    rspec-expectations (2.7.0)
      diff-lcs (~> 1.1.2)
    rspec-mocks (2.7.0)
    subexec (0.0.4)

PLATFORMS
  ruby

DEPENDENCIES
  builder (~> 3.2.0)
  debugger
  mini_magick (= 1.3.2)
  paper_docx_templater!
  rake
  rspec (~> 2.7.0)
  zipruby-compat!
